PATH
  remote: .
  specs:
    triaje (2.0.0)

GEM
  remote: https://rubygems.org/
  specs:
    power_assert (2.0.4)
    rake (13.2.1)
    test-unit (3.6.2)
      power_assert
    yard (0.9.37)

PLATFORMS
  ruby
  x86_64-linux

DEPENDENCIES
  rake (~> 13.0)
  test-unit (~> 3.0)
  triaje!
  yard

BUNDLED WITH
   2.5.11
